PATH
  remote: .
  specs:
    rubrik (0.2.0)
      openssl (>= 2.2.1)
      pdf-reader (~> 2.10)
      sorbet-runtime (~> 0.5)

GEM
  remote: https://rubygems.org/
  specs:
    Ascii85 (1.1.0)
    afm (0.2.2)
    docile (1.4.0)
    erubi (1.12.0)
    hashery (2.1.2)
    minitest (5.20.0)
    netrc (0.11.0)
    openssl (3.1.0)
    parallel (1.23.0)
    pdf-reader (2.11.0)
      Ascii85 (~> 1.0)
      afm (~> 0.2.1)
      hashery (~> 2.0)
      ruby-rc4
      ttfunk
    prettier_print (1.2.1)
    rake (13.0.6)
    rbi (0.1.1)
      sorbet-runtime (>= 0.5.9204)
      yarp (>= 0.11.0)
    ruby-rc4 (0.1.5)
    simplecov (0.22.0)
      docile (~> 1.1)
      simplecov-html (~> 0.11)
      simplecov_json_formatter (~> 0.1)
    simplecov-html (0.12.3)
    simplecov_json_formatter (0.1.4)
    sorbet (0.5.11077)
      sorbet-static (= 0.5.11077)
    sorbet-runtime (0.5.11077)
    sorbet-static (0.5.11077-x86_64-linux)
    sorbet-static-and-runtime (0.5.11077)
      sorbet (= 0.5.11077)
      sorbet-runtime (= 0.5.11077)
    spoom (1.2.4)
      erubi (>= 1.10.0)
      sorbet-static-and-runtime (>= 0.5.10187)
      syntax_tree (>= 6.1.1)
      thor (>= 0.19.2)
    syntax_tree (6.2.0)
      prettier_print (>= 1.2.0)
    tapioca (0.11.9)
      bundler (>= 2.2.25)
      netrc (>= 0.11.0)
      parallel (>= 1.21.0)
      rbi (~> 0.1.0, >= 0.1.0)
      sorbet-static-and-runtime (>= 0.5.10187)
      spoom (~> 1.2.0, >= 1.2.0)
      thor (>= 1.2.0)
      yard-sorbet
    thor (1.3.0)
    ttfunk (1.7.0)
    yard (0.9.34)
    yard-sorbet (0.8.1)
      sorbet-runtime (>= 0.5)
      yard (>= 0.9)
    yarp (0.13.0)

PLATFORMS
  x86_64-linux

DEPENDENCIES
  minitest (~> 5.0)
  rake (~> 13.0)
  rubrik!
  simplecov
  sorbet
  sorbet-runtime
  tapioca

BUNDLED WITH
   2.4.20
